REDIRECTS: ON
RESTRICTION: || (== net452) (== net46)
NUGET
  remote: https://www.nuget.org/api/v2
    GreenPipes (1.0.10)
    MassTransit (3.5.7)
      GreenPipes (>= 1.0.9)
      NewId (>= 3.0)
      Newtonsoft.Json (>= 9.0.1)
    Microsoft.AspNet.WebApi.Client (5.2.3)
      Newtonsoft.Json (>= 6.0.4)
    Microsoft.AspNet.WebApi.Core (5.2.3)
      Microsoft.AspNet.WebApi.Client (>= 5.2.3)
    Microsoft.AspNet.WebApi.WebHost (5.2.3)
      Microsoft.AspNet.WebApi.Core (>= 5.2.3 < 5.3)
    Microsoft.CodeDom.Providers.DotNetCompilerPlatform (1.0.3)
      Microsoft.Net.Compilers (>= 1.3.2)
    Microsoft.Net.Compilers (1.3.2)
    NewId (3.0.1)
    Newtonsoft.Json (10.0.3)
