REDIRECTS: ON
RESTRICTION: || (== net452) (== net46)
NUGET
  remote: https://www.nuget.org/api/v2
    GreenPipes (1.0.10)
    IdentityModel (2.10)
      Newtonsoft.Json (>= 9.0.1)
      System.Net.Http (>= 4.3.2)
      System.ValueTuple (>= 4.3.1)
    MassTransit (3.5.7)
      GreenPipes (>= 1.0.9)
      NewId (>= 3.0)
      Newtonsoft.Json (>= 9.0.1)
    Microsoft.AspNet.WebApi.Client (5.2.3)
      Newtonsoft.Json (>= 6.0.4)
    Microsoft.AspNet.WebApi.Core (5.2.3)
      Microsoft.AspNet.WebApi.Client (>= 5.2.3)
    Microsoft.AspNet.WebApi.WebHost (5.2.3)
      Microsoft.AspNet.WebApi.Core (>= 5.2.3 < 5.3)
    Microsoft.CodeDom.Providers.DotNetCompilerPlatform (1.0.3)
      Microsoft.Net.Compilers (>= 1.3.2)
    Microsoft.Net.Compilers (1.3.2)
    NewId (3.0.1)
    Newtonsoft.Json (10.0.3)
    System.Net.Http (4.3.2)
      System.Security.Cryptography.X509Certificates (>= 4.3) - restriction: || (&& (== net452) (== net46)) (&& (== net452) (< net45) (>= netstandard1.3)) (&& (== net452) (>= net46)) (&& (== net452) (>= dnxcore50)) (&& (== net452) (>= netstandard1.6)) (== net46)
    System.Security.Cryptography.Algorithms (4.3) - restriction: || (&& (== net452) (< net45) (>= netstandard1.3)) (&& (== net452) (< net45) (>= netstandard1.4)) (&& (== net452) (>= net46)) (&& (== net452) (>= net461)) (&& (== net452) (>= dnxcore50)) (&& (== net452) (>= netstandard1.6)) (== net46)
      System.Security.Cryptography.Primitives (>= 4.3) - restriction: || (&& (== net452) (== net46)) (&& (== net452) (>= net46)) (&& (== net452) (>= net461)) (&& (== net452) (>= dnxcore50)) (&& (== net452) (>= netstandard1.3)) (&& (== net452) (>= netstandard1.4)) (&& (== net452) (>= netstandard1.6)) (== net46)
    System.Security.Cryptography.Encoding (4.3) - restriction: || (&& (== net452) (< net45) (>= netstandard1.3)) (&& (== net452) (< net45) (>= netstandard1.4)) (&& (== net452) (>= net46)) (&& (== net452) (>= net461)) (&& (== net452) (>= dnxcore50)) (&& (== net452) (>= netstandard1.6)) (== net46)
    System.Security.Cryptography.Primitives (4.3) - restriction: || (&& (== net452) (< net45) (>= netstandard1.3)) (&& (== net452) (< net45) (>= netstandard1.4)) (&& (== net452) (>= net46)) (&& (== net452) (>= net461)) (&& (== net452) (>= dnxcore50)) (&& (== net452) (>= netstandard1.6)) (== net46)
    System.Security.Cryptography.X509Certificates (4.3) - restriction: || (&& (== net452) (< net45) (>= netstandard1.3)) (&& (== net452) (>= net46)) (&& (== net452) (>= dnxcore50)) (&& (== net452) (>= netstandard1.6)) (== net46)
      System.Security.Cryptography.Algorithms (>= 4.3) - restriction: || (&& (== net452) (== net46)) (&& (== net452) (>= net46)) (&& (== net452) (>= net461)) (&& (== net452) (>= dnxcore50)) (&& (== net452) (>= netstandard1.3)) (&& (== net452) (>= netstandard1.4)) (&& (== net452) (>= netstandard1.6)) (== net46)
      System.Security.Cryptography.Encoding (>= 4.3) - restriction: || (&& (== net452) (== net46)) (&& (== net452) (>= net46)) (&& (== net452) (>= net461)) (&& (== net452) (>= dnxcore50)) (&& (== net452) (>= netstandard1.3)) (&& (== net452) (>= netstandard1.4)) (&& (== net452) (>= netstandard1.6)) (== net46)
    System.ValueTuple (4.3.1)
